GEM
  remote: https://rubygems.org/
  specs:
    activemodel (3.2.14)
      activesupport (= 3.2.14)
      builder (~> 3.0.0)
    activesupport (3.2.14)
      i18n (~> 0.6, >= 0.6.4)
      multi_json (~> 1.0)
    bcrypt-ruby (3.0.1)
    builder (3.0.4)
    chronic (0.9.1)
    coderay (1.0.9)
    diff-lcs (1.2.4)
    http_router (0.11.0)
      rack (>= 1.0.0)
      url_mount (~> 0.2.1)
    i18n (0.6.4)
    liquid (2.5.1)
    mail (2.5.4)
      mime-types (~> 1.16)
      treetop (~> 1.4.8)
    method_source (0.8.2)
    mime-types (1.23)
    mini_portile (0.5.1)
    mongoid (3.1.4)
      activemodel (~> 3.2)
      moped (~> 1.4)
      origin (~> 1.0)
      tzinfo (~> 0.3.22)
    moped (1.5.0)
    multi_json (1.7.7)
    nokogiri (1.6.0)
      mini_portile (~> 0.5.0)
    origin (1.1.0)
    padrino (0.11.3)
      padrino-admin (= 0.11.3)
      padrino-cache (= 0.11.3)
      padrino-core (= 0.11.3)
      padrino-gen (= 0.11.3)
      padrino-helpers (= 0.11.3)
      padrino-mailer (= 0.11.3)
    padrino-admin (0.11.3)
      padrino-core (= 0.11.3)
      padrino-helpers (= 0.11.3)
    padrino-cache (0.11.3)
      padrino-core (= 0.11.3)
      padrino-helpers (= 0.11.3)
    padrino-core (0.11.3)
      activesupport (>= 3.1, < 4.0)
      http_router (~> 0.11.0)
      rack-protection (>= 1.5.0)
      sinatra (~> 1.4.2)
      thor (~> 0.17.0)
      tilt (~> 1.3.7)
    padrino-gen (0.11.3)
      bundler (~> 1.0)
      padrino-core (= 0.11.3)
    padrino-helpers (0.11.3)
      i18n (~> 0.6)
      padrino-core (= 0.11.3)
    padrino-mailer (0.11.3)
      mail (~> 2.5.3)
      padrino-core (= 0.11.3)
    polyglot (0.3.3)
    pry (0.9.12.2)
      coderay (~> 1.0.5)
      method_source (~> 0.8)
      slop (~> 3.4)
    rack (1.5.2)
    rack-protection (1.5.0)
      rack
    rack-test (0.6.2)
      rack (>= 1.0)
    rake (10.1.0)
    rspec (2.13.0)
      rspec-core (~> 2.13.0)
      rspec-expectations (~> 2.13.0)
      rspec-mocks (~> 2.13.0)
    rspec-core (2.13.1)
    rspec-expectations (2.13.0)
      diff-lcs (>= 1.1.3, < 2.0)
    rspec-mocks (2.13.1)
    sinatra (1.4.3)
      rack (~> 1.4)
      rack-protection (~> 1.4)
      tilt (~> 1.3, >= 1.3.4)
    slim (2.0.1)
      temple (~> 0.6.6)
      tilt (>= 1.3.3, < 2.1)
    slop (3.4.6)
    temple (0.6.6)
    thor (0.17.0)
    tilt (1.3.7)
    treetop (1.4.14)
      polyglot
      polyglot (>= 0.3.1)
    tzinfo (0.3.37)
    url_mount (0.2.1)
      rack

PLATFORMS
  ruby

DEPENDENCIES
  bcrypt-ruby
  chronic
  liquid
  mongoid
  nokogiri
  padrino (= 0.11.3)
  pry
  rack-test
  rake
  rspec
  slim
